GEM
  remote: https://rubygems.org/
  specs:
    addressable (2.3.8)
    css_parser (1.3.7)
      addressable
    faraday (0.9.2)
      multipart-post (>= 1.2, < 3)
    faraday_middleware (0.9.2)
      faraday (>= 0.7.4, < 0.10)
    ffi (1.9.10)
    inline-style (0.5.1)
      css_parser
      maca-fork-csspool
      nokogiri
    json (1.8.3)
    maca-fork-csspool (2.0.2)
      ffi
    mime-types (3.0)
      mime-types-data (~> 3.2015)
    mime-types-data (3.2015.1120)
    mimemagic (0.3.0)
    mini_portile2 (2.0.0)
    multipart-post (2.0.0)
    nokogiri (1.6.7)
      mini_portile2 (~> 2.0.0.rc2)
    oauth (0.4.7)
    sendgrid-ruby (1.1.6)
      faraday (~> 0.9)
      mimemagic
      smtpapi (~> 0.1)
    simple_oauth (0.3.1)
    smtpapi (0.1.0)
    tumblr_client (0.8.5)
      faraday (~> 0.9.0)
      faraday_middleware (~> 0.9.0)
      json
      mime-types
      oauth
      simple_oauth

PLATFORMS
  ruby

DEPENDENCIES
  inline-style
  sendgrid-ruby
  tumblr_client

BUNDLED WITH
   1.10.6
